PATH
  remote: .
  specs:
    ruby_smart-support (0.1.0)

GEM
  remote: https://rubygems.org/
  specs:

PLATFORMS
  x86_64-linux

DEPENDENCIES
  ruby_smart-support!

BUNDLED WITH
   2.2.22
